PATH
  remote: .
  specs:
    rump (0.3.0)
      bundler
      thor (= 0.13.4)

GEM
  remote: http://rubygems.org/
  specs:
    builder (3.0.0)
    cucumber (1.1.2)
      builder (>= 2.1.2)
      diff-lcs (>= 1.1.2)
      gherkin (~> 2.6.2)
      json (>= 1.4.6)
      term-ansicolor (>= 1.0.6)
    diff-lcs (1.1.3)
    facter (1.6.3)
    gherkin (2.6.6)
      json (>= 1.4.6)
    json (1.6.1)
    puppet (2.7.6)
      facter (>= 1.5.1)
    term-ansicolor (1.0.7)
    thor (0.13.4)

PLATFORMS
  ruby

DEPENDENCIES
  cucumber
  puppet
  rump!
